GEM
  remote: https://rubygems.org/
  specs:

PLATFORMS
  aarch64-linux
  arm64-darwin
  x86_64-darwin
  x86_64-linux

DEPENDENCIES

BUNDLED WITH
   2.3.27
