GEM
  remote: https://rubygems.org/
  specs:
    rack (2.2.20)

PLATFORMS
  aarch64-linux
  arm64-darwin
  x86_64-darwin
  x86_64-linux

DEPENDENCIES

BUNDLED WITH
   2.4.20
