GEM
  remote: https://rubygems.org/
  specs:
    json (2.10.2)

PLATFORMS
  aarch64-linux
  arm64-darwin
  x86_64-darwin
  x86_64-linux

DEPENDENCIES

BUNDLED WITH
   2.4.20
